GEM
  remote: https://rubygems.org/
  specs:
    little-plugger (1.1.4)
    logging (2.0.0)
      little-plugger (~> 1.1)
      multi_json (~> 1.10)
    minitest (5.8.3)
    multi_json (1.12.1)
    stomp (1.3.4)
    tdl-client-ruby (0.10.2)
      logging (= 2.0.0)
      stomp (= 1.3.4)

PLATFORMS
  java
  ruby

DEPENDENCIES
  minitest (~> 5.8.3)
  tdl-client-ruby (= 0.10.2)

BUNDLED WITH
   1.12.5
